GEM
  remote: https://rubygems.org/
  specs:
    gemoji (3.0.1)

PLATFORMS
  ruby

DEPENDENCIES
  gemoji

BUNDLED WITH
   1.17.3
